REDIRECTS: ON
STRATEGY: MAX
NUGET
  remote: http://www.nuget.org/api/v2
    Fantomas (2.3)
      FSharp.Compiler.Service (>= 5.0)
    FParsec (1.0.2)
    FSharp.Compiler.Service (8.0)
      System.Collections.Immutable (>= 1.2)
      System.Reflection.Metadata (>= 1.4.1-beta-24227-04)
    FSharp.Compiler.Service.ProjectCracker (8.0)
    FSharp.Core (4.0.0.1)
    FSharpLint.Core (0.4.9)
      FParsec (>= 1.0.2)
      FSharp.Compiler.Service (>= 6.0)
      FSharp.Compiler.Service.ProjectCracker (>= 6.0)
    FsPickler (3.2)
    Microsoft.NETCore.Platforms (1.0.1) - framework: >= netstandard10
    Microsoft.NETCore.Targets (1.0.1) - framework: >= netstandard10
    runtime.native.System (4.0) - framework: >= netstandard13
      Microsoft.NETCore.Platforms (>= 1.0.1)
      Microsoft.NETCore.Targets (>= 1.0.1)
    runtime.native.System.IO.Compression (4.1) - framework: >= netstandard13
      Microsoft.NETCore.Platforms (>= 1.0.1)
      Microsoft.NETCore.Targets (>= 1.0.1)
    SourceLink.SymbolStore (0.5)
    System.Collections (4.0.11) - framework: >= netstandard10
      Microsoft.NETCore.Platforms (>= 1.0.1) - framework: dnxcore50, netstandard10, >= netstandard13
      Microsoft.NETCore.Targets (>= 1.0.1) - framework: dnxcore50, netstandard10, >= netstandard13
      System.Runtime (>= 4.1) - framework: dnxcore50, netstandard10, >= netstandard13
    System.Collections.Immutable (1.2)
      System.Collections (>= 4.0.11) - framework: >= netstandard10
      System.Diagnostics.Debug (>= 4.0.11) - framework: >= netstandard10
      System.Globalization (>= 4.0.11) - framework: >= netstandard10
      System.Linq (>= 4.1) - framework: >= netstandard10
      System.Resources.ResourceManager (>= 4.0.1) - framework: >= netstandard10
      System.Runtime (>= 4.1) - framework: >= netstandard10
      System.Runtime.Extensions (>= 4.1) - framework: >= netstandard10
      System.Threading (>= 4.0.11) - framework: >= netstandard10
    System.Diagnostics.Debug (4.0.11) - framework: >= netstandard10
      Microsoft.NETCore.Platforms (>= 1.0.1) - framework: dnxcore50, netstandard10, >= netstandard13
      Microsoft.NETCore.Targets (>= 1.0.1) - framework: dnxcore50, netstandard10, >= netstandard13
      System.Runtime (>= 4.1) - framework: dnxcore50, netstandard10, >= netstandard13
    System.Globalization (4.0.11) - framework: >= netstandard10
      Microsoft.NETCore.Platforms (>= 1.0.1) - framework: dnxcore50, netstandard10, >= netstandard13
      Microsoft.NETCore.Targets (>= 1.0.1) - framework: dnxcore50, netstandard10, >= netstandard13
      System.Runtime (>= 4.1) - framework: dnxcore50, netstandard10, >= netstandard13
    System.IO (4.1) - framework: >= netstandard10
      Microsoft.NETCore.Platforms (>= 1.0.1) - framework: dnxcore50, netstandard10, netstandard13, >= netstandard15
      Microsoft.NETCore.Targets (>= 1.0.1) - framework: dnxcore50, netstandard10, netstandard13, >= netstandard15
      System.Runtime (>= 4.1) - framework: dnxcore50, netstandard10, netstandard13, >= netstandard15
      System.Text.Encoding (>= 4.0.11) - framework: dnxcore50, netstandard10, netstandard13, >= netstandard15
      System.Threading.Tasks (>= 4.0.11) - framework: dnxcore50, netstandard10, netstandard13, >= netstandard15
    System.IO.Compression (4.1) - framework: >= netstandard11
      Microsoft.NETCore.Platforms (>= 1.0.1) - framework: >= netstandard13
      runtime.native.System (>= 4.0) - framework: >= netstandard13
      runtime.native.System.IO.Compression (>= 4.1) - framework: >= netstandard13
      System.Collections (>= 4.0.11) - framework: >= netstandard13
      System.Diagnostics.Debug (>= 4.0.11) - framework: >= netstandard13
      System.IO (>= 4.1) - framework: dnxcore50, netstandard11, >= netstandard13
      System.Resources.ResourceManager (>= 4.0.1) - framework: >= netstandard13
      System.Runtime (>= 4.1) - framework: dnxcore50, netstandard11, >= netstandard13
      System.Runtime.Extensions (>= 4.1) - framework: >= netstandard13
      System.Runtime.Handles (>= 4.0.1) - framework: >= netstandard13
      System.Runtime.InteropServices (>= 4.1) - framework: >= netstandard13
      System.Text.Encoding (>= 4.0.11) - framework: dnxcore50, netstandard11, >= netstandard13
      System.Threading (>= 4.0.11) - framework: >= netstandard13
      System.Threading.Tasks (>= 4.0.11) - framework: dnxcore50, >= netstandard13
    System.Linq (4.1) - framework: >= netstandard10
      System.Collections (>= 4.0.11) - framework: dnxcore50, netstandard10, >= netstandard16
      System.Diagnostics.Debug (>= 4.0.11) - framework: dnxcore50, >= netstandard16
      System.Resources.ResourceManager (>= 4.0.1) - framework: dnxcore50, >= netstandard16
      System.Runtime (>= 4.1) - framework: dnxcore50, netstandard10, >= netstandard16
      System.Runtime.Extensions (>= 4.1) - framework: dnxcore50, >= netstandard16
    System.Reflection (4.1) - framework: >= netstandard10
      Microsoft.NETCore.Platforms (>= 1.0.1) - framework: dnxcore50, netstandard10, netstandard13, >= netstandard15
      Microsoft.NETCore.Targets (>= 1.0.1) - framework: dnxcore50, netstandard10, netstandard13, >= netstandard15
      System.IO (>= 4.1) - framework: dnxcore50, netstandard10, netstandard13, >= netstandard15
      System.Reflection.Primitives (>= 4.0.1) - framework: dnxcore50, netstandard10, netstandard13, >= netstandard15
      System.Runtime (>= 4.1) - framework: dnxcore50, netstandard10, netstandard13, >= netstandard15
    System.Reflection.Extensions (4.0.1) - framework: >= netstandard11
      Microsoft.NETCore.Platforms (>= 1.0.1) - framework: dnxcore50, >= netstandard10
      Microsoft.NETCore.Targets (>= 1.0.1) - framework: dnxcore50, >= netstandard10
      System.Reflection (>= 4.1) - framework: dnxcore50, >= netstandard10
      System.Runtime (>= 4.1) - framework: dnxcore50, >= netstandard10
    System.Reflection.Metadata (1.4.1-beta-24430-01)
      System.Collections (>= 4.0.11) - framework: >= netstandard11
      System.Collections.Immutable (>= 1.1.37) - framework: portable-net45+win8
      System.Collections.Immutable (>= 1.2) - framework: >= net45, >= netstandard11, monoandroid, monotouch, xamarinios, xamarinmac, winv4.5, wpav8.1
      System.Diagnostics.Debug (>= 4.0.11) - framework: >= netstandard11
      System.IO (>= 4.1) - framework: >= netstandard11
      System.IO.Compression (>= 4.1) - framework: >= netstandard11
      System.Linq (>= 4.1) - framework: >= netstandard11
      System.Reflection (>= 4.1) - framework: >= netstandard11
      System.Reflection.Extensions (>= 4.0.1) - framework: >= netstandard11
      System.Reflection.Primitives (>= 4.0.1) - framework: >= netstandard11
      System.Resources.ResourceManager (>= 4.0.1) - framework: >= netstandard11
      System.Runtime (>= 4.1) - framework: >= netstandard11
      System.Runtime.Extensions (>= 4.1) - framework: >= netstandard11
      System.Runtime.InteropServices (>= 4.1) - framework: >= netstandard11
      System.Text.Encoding (>= 4.0.11) - framework: >= netstandard11
      System.Text.Encoding.Extensions (>= 4.0.11) - framework: >= netstandard11
      System.Threading (>= 4.0.11) - framework: >= netstandard11
    System.Reflection.Primitives (4.0.1) - framework: >= netstandard10
      Microsoft.NETCore.Platforms (>= 1.0.1) - framework: dnxcore50, >= netstandard10
      Microsoft.NETCore.Targets (>= 1.0.1) - framework: dnxcore50, >= netstandard10
      System.Runtime (>= 4.1) - framework: dnxcore50, >= netstandard10
    System.Resources.ResourceManager (4.0.1) - framework: >= netstandard10
      Microsoft.NETCore.Platforms (>= 1.0.1) - framework: dnxcore50, >= netstandard10
      Microsoft.NETCore.Targets (>= 1.0.1) - framework: dnxcore50, >= netstandard10
      System.Globalization (>= 4.0.11) - framework: dnxcore50, >= netstandard10
      System.Reflection (>= 4.1) - framework: dnxcore50, >= netstandard10
      System.Runtime (>= 4.1) - framework: dnxcore50, >= netstandard10
    System.Runtime (4.1) - framework: >= netstandard10
      Microsoft.NETCore.Platforms (>= 1.0.1) - framework: dnxcore50, netstandard10, netstandard12, netstandard13, >= netstandard15
      Microsoft.NETCore.Targets (>= 1.0.1) - framework: dnxcore50, netstandard10, netstandard12, netstandard13, >= netstandard15
    System.Runtime.Extensions (4.1) - framework: >= netstandard10
      Microsoft.NETCore.Platforms (>= 1.0.1) - framework: dnxcore50, netstandard10, netstandard13, >= netstandard15
      Microsoft.NETCore.Targets (>= 1.0.1) - framework: dnxcore50, netstandard10, netstandard13, >= netstandard15
      System.Runtime (>= 4.1) - framework: dnxcore50, netstandard10, netstandard13, >= netstandard15
    System.Runtime.Handles (4.0.1) - framework: >= netstandard13
      Microsoft.NETCore.Platforms (>= 1.0.1) - framework: >= netstandard13
      Microsoft.NETCore.Targets (>= 1.0.1) - framework: >= netstandard13
      System.Runtime (>= 4.1) - framework: >= netstandard13
    System.Runtime.InteropServices (4.1) - framework: >= netstandard11
      Microsoft.NETCore.Platforms (>= 1.0.1) - framework: dnxcore50, netstandard11, netstandard12, netstandard13, >= netstandard15
      Microsoft.NETCore.Targets (>= 1.0.1) - framework: dnxcore50, netstandard11, netstandard12, netstandard13, >= netstandard15
      System.Reflection (>= 4.1) - framework: dnxcore50, netstandard11, netstandard12, netstandard13, >= netstandard15
      System.Reflection.Primitives (>= 4.0.1) - framework: dnxcore50, netstandard11, netstandard12, netstandard13, >= netstandard15
      System.Runtime (>= 4.1) - framework: >= net462, dnxcore50, netstandard11, netstandard12, netstandard13, >= netstandard15
      System.Runtime.Handles (>= 4.0.1) - framework: dnxcore50, netstandard13, >= netstandard15
    System.Text.Encoding (4.0.11) - framework: >= netstandard10
      Microsoft.NETCore.Platforms (>= 1.0.1) - framework: dnxcore50, netstandard10, >= netstandard13
      Microsoft.NETCore.Targets (>= 1.0.1) - framework: dnxcore50, netstandard10, >= netstandard13
      System.Runtime (>= 4.1) - framework: dnxcore50, netstandard10, >= netstandard13
    System.Text.Encoding.Extensions (4.0.11) - framework: >= netstandard11
      Microsoft.NETCore.Platforms (>= 1.0.1) - framework: dnxcore50, netstandard10, >= netstandard13
      Microsoft.NETCore.Targets (>= 1.0.1) - framework: dnxcore50, netstandard10, >= netstandard13
      System.Runtime (>= 4.1) - framework: dnxcore50, netstandard10, >= netstandard13
      System.Text.Encoding (>= 4.0.11) - framework: dnxcore50, netstandard10, >= netstandard13
    System.Threading (4.0.11) - framework: >= netstandard10
      System.Runtime (>= 4.1) - framework: dnxcore50, netstandard10, >= netstandard13
      System.Threading.Tasks (>= 4.0.11) - framework: dnxcore50, netstandard10, >= netstandard13
    System.Threading.Tasks (4.0.11) - framework: netstandard10, >= netstandard13
      Microsoft.NETCore.Platforms (>= 1.0.1) - framework: dnxcore50, netstandard10, >= netstandard13
      Microsoft.NETCore.Targets (>= 1.0.1) - framework: dnxcore50, netstandard10, >= netstandard13
      System.Runtime (>= 4.1) - framework: dnxcore50, netstandard10, >= netstandard13

GROUP Build
NUGET
  remote: http://www.nuget.org/api/v2
    canopy (0.9.62)
      FSharp.Core (>= 3.0.2)
      Selenium.WebDriver (2.53.1)
    FAKE (4.41.6)
    FSharp.Compiler.Service (2.0.0.6)
    FSharp.Core (4.0.0.1)
    FSharp.Formatting (2.14.4)
      FSharp.Compiler.Service (2.0.0.6)
      FSharpVSPowerTools.Core (>= 2.3 < 2.4)
    FSharpVSPowerTools.Core (2.3)
      FSharp.Compiler.Service (>= 2.0.0.3)
    Microsoft.Bcl (1.1.10) - framework: net10, net11, net20, net30, net35, net40, net40-full
      Microsoft.Bcl.Build (>= 1.0.14)
    Microsoft.Bcl.Build (1.0.21) - import_targets: false, framework: net10, net11, net20, net30, net35, net40, net40-full
    Microsoft.Net.Http (2.2.29) - framework: net10, net11, net20, net30, net35, net40, net40-full
      Microsoft.Bcl (>= 1.1.10)
      Microsoft.Bcl.Build (>= 1.0.14)
    NuGet.CommandLine (3.4.3)
    Octokit (0.23)
      Microsoft.Net.Http  - framework: net10, net11, net20, net30, net35, net40, net40-full
    Selenium.WebDriver (2.53.1)
GITHUB
  remote: fsharp/FAKE
    modules/Octokit/Octokit.fsx (889bda9367dfb24f9abb524165a0dbe2cdd86252)
      Octokit (>= 0.20)
GROUP Test
NUGET
  remote: http://www.nuget.org/api/v2
    FsCheck (2.6.2)
      FSharp.Core (>= 3.1.2.5)
    FSharp.Compiler.Service.ProjectCracker (8.0)
    FSharp.Core (4.0.0.1)
    FSharp.Data (2.3.2)
      Zlib.Portable (>= 1.11) - framework: >= netstandard11, portable-net45+sl5+win8, portable-net45+win8, portable-net45+win8+wp8+wpa81
    FSharp.Management (0.4.2)
    NUnit (3.5)
    NUnit.ConsoleRunner (3.5)
    NUnit.Extension.NUnitProjectLoader (3.5)
    NUnit.Extension.NUnitV2Driver (3.5)
    NUnit.Extension.NUnitV2ResultWriter (3.5)
    NUnit.Extension.TeamCityEventListener (1.0.2)
    NUnit.Extension.VSProjectLoader (3.5)
    NUnit.Runners (3.5)
      NUnit.ConsoleRunner (>= 3.5)
      NUnit.Extension.NUnitProjectLoader (>= 3.5)
      NUnit.Extension.NUnitV2Driver (>= 3.5)
      NUnit.Extension.NUnitV2ResultWriter (>= 3.5)
      NUnit.Extension.TeamCityEventListener (>= 1.0.2)
      NUnit.Extension.VSProjectLoader (>= 3.5)
    Zlib.Portable (1.11) - framework: >= netstandard11, portable-net45+sl5+win8, portable-net45+win8, portable-net45+win8+wp8+wpa81
